GEM
  remote: https://rubygems.org/
  specs:
    activemodel (8.0.1)
      activesupport (= 8.0.1)
    activerecord (8.0.1)
      activemodel (= 8.0.1)
      activesupport (= 8.0.1)
      timeout (>= 0.4.0)
    activesupport (8.0.1)
      base64
      benchmark (>= 0.3)
      bigdecimal
      concurrent-ruby (~> 1.0, >= 1.3.1)
      connection_pool (>= 2.2.5)
      drb
      i18n (>= 1.6, < 2)
      logger (>= 1.4.2)
      minitest (>= 5.1)
      securerandom (>= 0.3)
      tzinfo (~> 2.0, >= 2.0.5)
      uri (>= 0.13.1)
    base64 (0.2.0)
    benchmark (0.4.0)
    bigdecimal (3.1.9)
    concurrent-ruby (1.3.5)
    connection_pool (2.5.0)
    csv (3.3.2)
    dotenv (3.1.7)
    drb (2.2.1)
    httparty (0.22.0)
      csv
      mini_mime (>= 1.0.0)
      multi_xml (>= 0.5.2)
    i18n (1.14.7)
      concurrent-ruby (~> 1.0)
    logger (1.6.6)
    mini_mime (1.1.5)
    minitest (5.25.4)
    multi_xml (0.7.1)
      bigdecimal (~> 3.1)
    openai (0.3.0)
    rake (13.2.1)
    securerandom (0.4.1)
    sqlite3 (2.6.0-x86_64-darwin)
    timeout (0.4.3)
    tzinfo (2.0.6)
      concurrent-ruby (~> 1.0)
    uri (1.0.3)

PLATFORMS
  x86_64-darwin-23

DEPENDENCIES
  activerecord
  dotenv
  httparty
  openai
  rake
  sqlite3

RUBY VERSION
   ruby 3.2.2p53

BUNDLED WITH
   2.4.22
